PATH
  remote: .
  specs:
    salesforce (0.0.0)
      activemodel (~> 3.1)
      i18n
      json
      typhoeus

GEM
  remote: http://rubygems.org/
  specs:
    activemodel (3.1.1)
      activesupport (= 3.1.1)
      builder (~> 3.0.0)
      i18n (~> 0.6)
    activesupport (3.1.1)
      multi_json (~> 1.0)
    builder (3.0.0)
    diff-lcs (1.1.3)
    i18n (0.6.0)
    json (1.6.1)
    mime-types (1.17.2)
    multi_json (1.0.3)
    rake (0.9.2.2)
    rdoc (3.5.3)
    rspec (2.7.0)
      rspec-core (~> 2.7.0)
      rspec-expectations (~> 2.7.0)
      rspec-mocks (~> 2.7.0)
    rspec-core (2.7.1)
    rspec-expectations (2.7.0)
      diff-lcs (~> 1.1.2)
    rspec-mocks (2.7.0)
    typhoeus (0.3.2)
      mime-types
    watchr (0.7)

PLATFORMS
  ruby

DEPENDENCIES
  rake
  rdoc (~> 3.5.0)
  rspec (~> 2.6)
  salesforce!
  watchr (~> 0.6)
