PATH
  remote: .
  specs:
    salesforce (0.0.0)
      typhoeus

GEM
  remote: http://rubygems.org/
  specs:
    diff-lcs (1.1.3)
    mime-types (1.17.2)
    rake (0.9.2.2)
    rdoc (3.5.3)
    rspec (2.7.0)
      rspec-core (~> 2.7.0)
      rspec-expectations (~> 2.7.0)
      rspec-mocks (~> 2.7.0)
    rspec-core (2.7.1)
    rspec-expectations (2.7.0)
      diff-lcs (~> 1.1.2)
    rspec-mocks (2.7.0)
    typhoeus (0.3.2)
      mime-types
    watchr (0.7)

PLATFORMS
  ruby

DEPENDENCIES
  rake
  rdoc (~> 3.5.0)
  rspec (~> 2.6)
  salesforce!
  watchr (~> 0.6)
